GEM
  remote: https://gems.ruby-china.org/
  specs:
    chinese_pinyin (1.0.1)
    json (2.1.0)
    mustermann (1.0.0)
    rack (2.0.3)
    rack-protection (2.0.0)
      rack
    rdiscount (2.2.0.1)
    sinatra (2.0.0)
      mustermann (~> 1.0)
      rack (~> 2.0)
      rack-protection (= 2.0.0)
      tilt (~> 2.0)
    tilt (2.0.7)

PLATFORMS
  ruby

DEPENDENCIES
  chinese_pinyin
  json
  rdiscount
  sinatra

BUNDLED WITH
   1.15.1
