GEM
  remote: https://gems.ruby-china.org/
  specs:
    chinese_pinyin (0.4.1)
    json (1.8.3)
    rack (1.6.5)
    rack-protection (1.5.3)
      rack
    rdiscount (1.6.8)
    sinatra (1.4.7)
      rack (~> 1.5)
      rack-protection (~> 1.4)
      tilt (>= 1.3, < 3)
    tilt (2.0.5)

PLATFORMS
  ruby

DEPENDENCIES
  chinese_pinyin
  json
  rdiscount
  sinatra

BUNDLED WITH
   1.15.1
