GEM
  remote: https://gems.ruby-china.org/
  specs:
    activemodel (3.2.13)
      activesupport (= 3.2.13)
      builder (~> 3.0.0)
    activerecord (3.2.13)
      activemodel (= 3.2.13)
      activesupport (= 3.2.13)
      arel (~> 3.0.2)
      tzinfo (~> 0.3.29)
    activesupport (3.2.13)
      i18n (= 0.6.1)
      multi_json (~> 1.0)
    arel (3.0.3)
    builder (3.0.4)
    chinese_pinyin (1.0.1)
    i18n (0.6.1)
    json (2.1.0)
    multi_json (1.12.1)
    mustermann (1.0.0)
    rack (2.0.3)
    rack-protection (2.0.0)
      rack
    rdiscount (2.2.0.1)
    sinatra (2.0.0)
      mustermann (~> 1.0)
      rack (~> 2.0)
      rack-protection (= 2.0.0)
      tilt (~> 2.0)
    sqlite3 (1.3.13)
    tilt (2.0.7)
    tzinfo (0.3.53)

PLATFORMS
  ruby

DEPENDENCIES
  activerecord
  chinese_pinyin
  json
  rdiscount
  sinatra
  sqlite3

BUNDLED WITH
   1.15.1
